GEM
  remote: http://rubygems.org/
  specs:
    actionmailer (2.3.5)
      actionpack (= 2.3.5)
    actionpack (2.3.5)
      activesupport (= 2.3.5)
      rack (~> 1.0.0)
    activerecord (2.3.5)
      activesupport (= 2.3.5)
    activeresource (2.3.5)
      activesupport (= 2.3.5)
    activesupport (2.3.5)
    declarative_authorization (0.5.1)
    fattr (2.2.1)
    hoe (3.6.1)
      rake (>= 0.8, < 11.0)
    i18n (0.4.2)
    mysql (2.8.1)
    rack (1.0.1)
    rails (2.3.5)
      actionmailer (= 2.3.5)
      actionpack (= 2.3.5)
      activerecord (= 2.3.5)
      activeresource (= 2.3.5)
      activesupport (= 2.3.5)
      rake (>= 0.8.3)
    rake (0.8.7)
    rspec (1.3.1)
    rspec-rails (1.3.3)
      rack (>= 1.0.0)
      rspec (= 1.3.1)
    rush (0.6.8)
      session
    session (3.1.0)
      fattr
    test-unit (1.2.3)
      hoe (>= 1.5.1)

PLATFORMS
  ruby

DEPENDENCIES
  declarative_authorization (= 0.5.1)
  i18n (= 0.4.2)
  mysql (= 2.8.1)
  rails (= 2.3.5)
  rake (= 0.8.7)
  rspec-rails (= 1.3.3)
  rush (= 0.6.8)
  test-unit (= 1.2.3)
